GEM
  remote: https://rubygems.org/
  specs:
    activemodel (3.1.12)
      activesupport (= 3.1.12)
      builder (~> 3.0.0)
      i18n (~> 0.6)
    activesupport (3.1.12)
      multi_json (~> 1.0)
    addressable (2.3.5)
    amq-client (1.0.2)
      amq-protocol (>= 1.2.0)
      eventmachine
    amq-protocol (1.8.0)
    amqp (1.0.2)
      amq-client (~> 1.0.2)
      amq-protocol (>= 1.3.0)
      eventmachine
    builder (3.0.4)
    celluloid (0.15.1)
      timers (~> 1.1.0)
    cookiejar (0.3.0)
    daemon-kit (0.2.3)
      eventmachine (>= 0.12.10)
      i18n
      rubigen
      safely (>= 0.3.1)
      thor
    daemons (1.0.10)
    diff-lcs (1.2.4)
    em-http-request (1.1.1)
      addressable (>= 2.3.4)
      cookiejar
      em-socksify (>= 0.3)
      eventmachine (>= 1.0.3)
      http_parser.rb (>= 0.6.0.beta.2)
    em-kannel (0.2.0)
      activemodel (~> 3.1)
      em-http-request (>= 1.0.0.beta.4)
      eventmachine (>= 1.0.0.beta.3)
    em-socksify (0.3.0)
      eventmachine (>= 1.0.0.beta.4)
    eventmachine (1.0.3)
    fork (1.0.0)
    gem_plugin (0.2.3)
    god (0.13.3)
    http_parser.rb (0.6.0.beta.2)
    i18n (0.6.5)
    json (1.8.1)
    mongoid (3.0.23)
      activemodel (~> 3.1)
      moped (~> 1.2)
      origin (~> 1.0)
      tzinfo (~> 0.3.22)
    mongrel (1.2.0.pre2)
      daemons (~> 1.0.10)
      gem_plugin (~> 0.2.3)
    moped (1.5.1)
    multi_json (1.8.1)
    optimism (3.3.1)
      json
      pd
    origin (1.1.0)
    pd (1.1.0)
    rack (1.5.2)
    rake (10.1.0)
    rspec (2.14.1)
      rspec-core (~> 2.14.0)
      rspec-expectations (~> 2.14.0)
      rspec-mocks (~> 2.14.0)
    rspec-core (2.14.5)
    rspec-expectations (2.14.3)
      diff-lcs (>= 1.1.3, < 2.0)
    rspec-mocks (2.14.3)
    rubigen (1.5.8)
      activesupport (>= 2.3.5, < 3.2.0)
    safely (0.3.2)
    thor (0.18.1)
    timers (1.1.0)
    tzinfo (0.3.38)

PLATFORMS
  ruby

DEPENDENCIES
  activesupport (= 3.1.12)
  amqp
  celluloid
  daemon-kit
  em-kannel
  fork
  god
  mongoid
  mongrel
  multi_json (= 1.8.1)
  optimism
  rack
  rake
  rspec
  safely
  timers
